NUGET
  remote: https://www.nuget.org/api/v2
  specs:
    NLog (4.2.3)
